GIT
  remote: git://github.com/jsteiner/cocoon.git
  revision: ab64ff6e465793343744f20a2a36295f80ad63de
  branch: scheddo
  specs:
    cocoon (1.0.20)

GEM
  remote: https://rubygems.org/
  specs:
    actionmailer (3.2.8)
      actionpack (= 3.2.8)
      mail (~> 2.4.4)
    actionpack (3.2.8)
      activemodel (= 3.2.8)
      activesupport (= 3.2.8)
      builder (~> 3.0.0)
      erubis (~> 2.7.0)
      journey (~> 1.0.4)
      rack (~> 1.4.0)
      rack-cache (~> 1.2)
      rack-test (~> 0.6.1)
      sprockets (~> 2.1.3)
    activemodel (3.2.8)
      activesupport (= 3.2.8)
      builder (~> 3.0.0)
    activerecord (3.2.8)
      activemodel (= 3.2.8)
      activesupport (= 3.2.8)
      arel (~> 3.0.2)
      tzinfo (~> 0.3.29)
    activeresource (3.2.8)
      activemodel (= 3.2.8)
      activesupport (= 3.2.8)
    activesupport (3.2.8)
      i18n (~> 0.6)
      multi_json (~> 1.0)
    addressable (2.3.2)
    airbrake (3.1.2)
      activesupport
      builder
    arel (3.0.2)
    attr_encrypted (1.2.0)
      encryptor (>= 1.1.1)
    awesome_print (1.0.2)
    bourbon (2.1.1)
      sass (>= 3.1)
    bourne (1.1.2)
      mocha (= 0.10.5)
    builder (3.0.0)
    capybara (1.1.2)
      mime-types (>= 1.16)
      nokogiri (>= 1.3.3)
      rack (>= 1.0.0)
      rack-test (>= 0.5.4)
      selenium-webdriver (~> 2.0)
      xpath (~> 0.1.4)
    capybara-webkit (0.12.1)
      capybara (>= 1.0.0, < 1.2)
      json
    childprocess (0.3.5)
      ffi (~> 1.0, >= 1.0.6)
    cocaine (0.2.1)
    coderay (1.0.7)
    coffee-rails (3.2.2)
      coffee-script (>= 2.2.0)
      railties (~> 3.2.0)
    coffee-script (2.2.0)
      coffee-script-source
      execjs
    coffee-script-source (1.3.3)
    daemons (1.1.9)
    database_cleaner (0.8.0)
    delayed_job (3.0.3)
      activesupport (~> 3.0)
    delayed_job_active_record (0.3.2)
      activerecord (> 2.1.0)
      delayed_job (~> 3.0.0)
    diff-lcs (1.1.3)
    dotenv (0.1.1)
    draper (0.17.0)
      actionpack (~> 3.2)
      activesupport (~> 3.2)
    email_spec (1.2.1)
      mail (~> 2.2)
      rspec (~> 2.0)
    encryptor (1.1.3)
    erubis (2.7.0)
    eventmachine (0.12.10)
    evergreen (1.0.0)
      capybara (~> 1.0)
      coffee-script
      json_pure
      launchy
      sinatra (~> 1.1)
    excon (0.16.1)
    execjs (1.4.0)
      multi_json (~> 1.0)
    factory_girl (3.6.1)
      activesupport (>= 3.0.0)
    factory_girl_rails (3.6.0)
      factory_girl (~> 3.6.0)
      railties (>= 3.0.0)
    faraday (0.8.4)
      multipart-post (~> 1.1)
    ffi (1.1.5)
    flutie (1.3.3)
    foreman (0.46.0)
      thor (>= 0.13.6)
    formtastic (2.2.1)
      actionpack (>= 3.0)
    gherkin (2.11.2)
      json (>= 1.4.6)
    guard (1.4.0)
      listen (>= 0.4.2)
      thor (>= 0.14.6)
    guard-spork (1.2.1)
      childprocess (>= 0.2.3)
      guard (>= 1.1)
      spork (>= 0.8.4)
      sys-proctable
    hashie (1.2.0)
    heroku (2.30.5)
      heroku-api (~> 0.3.4)
      launchy (>= 0.3.2)
      netrc (~> 0.7.7)
      rest-client (~> 1.6.1)
      rubyzip
    heroku-api (0.3.4)
      excon (~> 0.16.1)
    high_voltage (1.2.0)
    highline (1.6.14)
    hike (1.2.1)
    hirefireapp (0.0.8)
    httparty (0.8.3)
      multi_json (~> 1.0)
      multi_xml
    httpauth (0.2.0)
    i18n (0.6.0)
    journey (1.0.4)
    jquery-rails (2.1.1)
      railties (>= 3.1.0, < 5.0)
      thor (~> 0.14)
    json (1.7.5)
    json_pure (1.7.5)
    jwt (0.1.5)
      multi_json (>= 1.0)
    launchy (2.1.2)
      addressable (~> 2.3)
    libwebsocket (0.1.5)
      addressable
    listen (0.5.3)
    mail (2.4.4)
      i18n (>= 0.4.0)
      mime-types (~> 1.16)
      treetop (~> 1.4.8)
    mail_view (1.0.3)
      tilt
    metaclass (0.0.1)
    method_source (0.8)
    mime-types (1.19)
    mocha (0.10.5)
      metaclass (~> 0.0.1)
    multi_json (1.3.6)
    multi_xml (0.5.1)
    multipart-post (1.1.5)
    netrc (0.7.7)
    newrelic_rpm (3.4.1)
    nokogiri (1.5.5)
    oauth2 (0.8.0)
      faraday (~> 0.8)
      httpauth (~> 0.1)
      jwt (~> 0.1.4)
      multi_json (~> 1.0)
      rack (~> 1.2)
    omniauth (1.1.1)
      hashie (~> 1.2)
      rack
    omniauth-oauth2 (1.1.1)
      oauth2 (~> 0.8.0)
      omniauth (~> 1.0)
    omniauth-yammer (0.0.3)
      omniauth-oauth2 (>= 1.1)
    paperclip (3.0.4)
      activemodel (>= 3.0.0)
      activerecord (>= 3.0.0)
      activesupport (>= 3.0.0)
      cocaine (>= 0.0.2)
      mime-types
    pg (0.14.0)
    polyglot (0.3.3)
    pry (0.9.10)
      coderay (~> 1.0.5)
      method_source (~> 0.8)
      slop (~> 3.3.1)
    quiet_assets (1.0.1)
      railties (~> 3.1)
    rack (1.4.1)
    rack-cache (1.2)
      rack (>= 0.4)
    rack-protection (1.2.0)
      rack
    rack-ssl (1.3.2)
      rack
    rack-test (0.6.1)
      rack (>= 1.0)
    rails (3.2.8)
      actionmailer (= 3.2.8)
      actionpack (= 3.2.8)
      activerecord (= 3.2.8)
      activeresource (= 3.2.8)
      activesupport (= 3.2.8)
      bundler (~> 1.0)
      railties (= 3.2.8)
    railties (3.2.8)
      actionpack (= 3.2.8)
      activesupport (= 3.2.8)
      rack-ssl (~> 1.3.2)
      rake (>= 0.8.7)
      rdoc (~> 3.4)
      thor (>= 0.14.6, < 2.0)
    rake (0.9.2.2)
    rdoc (3.12)
      json (~> 1.4)
    rest-client (1.6.7)
      mime-types (>= 1.16)
    rspec (2.9.0)
      rspec-core (~> 2.9.0)
      rspec-expectations (~> 2.9.0)
      rspec-mocks (~> 2.9.0)
    rspec-core (2.9.0)
    rspec-expectations (2.9.1)
      diff-lcs (~> 1.1.3)
    rspec-mocks (2.9.0)
    rspec-rails (2.9.0)
      actionpack (>= 3.0)
      activesupport (>= 3.0)
      railties (>= 3.0)
      rspec (~> 2.9.0)
    rubyzip (0.9.9)
    sass (3.2.1)
    sass-rails (3.2.5)
      railties (~> 3.2.0)
      sass (>= 3.1.10)
      tilt (~> 1.3)
    selenium-webdriver (2.25.0)
      childprocess (>= 0.2.5)
      libwebsocket (~> 0.1.3)
      multi_json (~> 1.0)
      rubyzip
    sham_rack (1.3.4)
      rack
    shoulda-matchers (1.1.0)
      activesupport (>= 3.0.0)
    simplecov (0.6.4)
      multi_json (~> 1.0)
      simplecov-html (~> 0.5.3)
    simplecov-html (0.5.3)
    sinatra (1.3.3)
      rack (~> 1.3, >= 1.3.6)
      rack-protection (~> 1.2)
      tilt (~> 1.3, >= 1.3.3)
    slop (3.3.2)
    spork (0.9.2)
    sprockets (2.1.3)
      hike (~> 1.2)
      rack (~> 1.0)
      tilt (~> 1.1, != 1.3.0)
    sprockets-redirect (0.1.0)
      activesupport (>= 3.1.0)
      rack
    sys-proctable (0.9.1)
    tddium (1.5.5)
      highline
      json
      launchy
      tddium_client (~> 0.2.0)
      thor
    tddium_client (0.2.0)
      httparty (>= 0.8.1)
      json
    thin (1.4.1)
      daemons (>= 1.0.9)
      eventmachine (>= 0.12.6)
      rack (>= 1.0.0)
    thor (0.16.0)
    tilt (1.3.3)
    timecop (0.4.5)
    treetop (1.4.10)
      polyglot
      polyglot (>= 0.3.1)
    turnip (1.0.0)
      gherkin (>= 2.5)
      rspec (~> 2.0)
    tzinfo (0.3.33)
    uglifier (1.2.7)
      execjs (>= 0.3.0)
      multi_json (~> 1.3)
    underscore-rails (1.3.1)
    xpath (0.1.4)
      nokogiri (~> 1.3)
    zero-clipboard-rails (1.0.1)
      railties (~> 3.0)
      thor (~> 0.14)

PLATFORMS
  ruby

DEPENDENCIES
  airbrake (~> 3.1.0)
  attr_encrypted
  awesome_print
  bourbon (~> 2.1.1)
  bourne
  bundler (>= 1.2.0.pre)
  capybara-webkit (~> 0.12.0)
  cocoon!
  coffee-rails (~> 3.2.1)
  database_cleaner
  delayed_job_active_record
  dotenv
  draper
  email_spec
  evergreen
  factory_girl_rails (~> 3.0)
  flutie
  foreman (~> 0.46.0)
  formtastic
  guard-spork (= 1.2.1)
  heroku
  high_voltage (~> 1.2.0)
  hirefireapp
  jquery-rails
  launchy
  mail_view
  newrelic_rpm
  omniauth (~> 1.0)
  omniauth-yammer
  paperclip (~> 3.0.4)
  pg
  pry
  quiet_assets
  rails (~> 3.2)
  rest-client
  rspec-rails (~> 2.9.0)
  sass
  sass-rails (~> 3.2.3)
  sham_rack
  shoulda-matchers (~> 1.1.0)
  simplecov
  sinatra
  sprockets-redirect
  tddium
  thin
  timecop
  turnip (~> 1.0.0)
  uglifier (>= 1.0.3)
  underscore-rails (~> 1.3.1)
  zero-clipboard-rails (~> 1.0.1)
